GEM
  remote: https://rubygems.org/
  specs:
    coderay (1.1.2)
    method_source (0.9.2)
    pry (0.12.2)
      coderay (~> 1.1.0)
      method_source (~> 0.9.0)
    ruby2d (0.9.2)

PLATFORMS
  ruby

DEPENDENCIES
  pry!
  ruby2d!

BUNDLED WITH
   2.1.2
